GEM
  remote: https://rubygems.org/
  specs:
    coderay (1.1.3)
    diff-lcs (1.5.0)
    json (2.6.3)
    method_source (1.0.0)
    nokogiri (1.15.4-arm64-darwin)
      racc (~> 1.4)
    pry (0.14.2)
      coderay (~> 1.1)
      method_source (~> 1.0)
    racc (1.7.1)
    rspec (3.12.0)
      rspec-core (~> 3.12.0)
      rspec-expectations (~> 3.12.0)
      rspec-mocks (~> 3.12.0)
    rspec-core (3.12.2)
      rspec-support (~> 3.12.0)
    rspec-expectations (3.12.3)
      diff-lcs (>= 1.2.0, < 2.0)
      rspec-support (~> 3.12.0)
    rspec-mocks (3.12.6)
      diff-lcs (>= 1.2.0, < 2.0)
      rspec-support (~> 3.12.0)
    rspec-support (3.12.1)
    rufo (0.16.2)

PLATFORMS
  arm64-darwin-22

DEPENDENCIES
  json (~> 2.6)
  nokogiri (~> 1.15)
  pry (~> 0.14.2)
  rspec (~> 3.12)
  rufo (~> 0.16.2)

RUBY VERSION
   ruby 3.2.2p53

BUNDLED WITH
   2.4.16
