GEM
  remote: https://rubygems.org/
  specs:
    diff-lcs (1.5.0)
    nokogiri (1.15.4-arm64-darwin)
      racc (~> 1.4)
    racc (1.6.2)
    rspec (3.12.0)
      rspec-core (~> 3.12.0)
      rspec-expectations (~> 3.12.0)
      rspec-mocks (~> 3.12.0)
    rspec-core (3.12.2)
      rspec-support (~> 3.12.0)
    rspec-expectations (3.12.3)
      diff-lcs (>= 1.2.0, < 2.0)
      rspec-support (~> 3.12.0)
    rspec-mocks (3.12.6)
      diff-lcs (>= 1.2.0, < 2.0)
      rspec-support (~> 3.12.0)
    rspec-support (3.12.1)

PLATFORMS
  arm64-darwin-22

DEPENDENCIES
  nokogiri
  rspec

BUNDLED WITH
   2.4.10
