GEM
  remote: https://rubygems.org/
  specs:
    diff-lcs (1.3)
    docile (1.3.2)
    html_truncator (0.4.2)
      nokogiri (~> 1.5)
    mini_portile2 (2.4.0)
    nokogiri (1.10.9)
      mini_portile2 (~> 2.4.0)
    rake (13.0.1)
    rspec (3.9.0)
      rspec-core (~> 3.9.0)
      rspec-expectations (~> 3.9.0)
      rspec-mocks (~> 3.9.0)
    rspec-core (3.9.1)
      rspec-support (~> 3.9.1)
    rspec-expectations (3.9.1)
      diff-lcs (>= 1.2.0, < 2.0)
      rspec-support (~> 3.9.0)
    rspec-mocks (3.9.1)
      diff-lcs (>= 1.2.0, < 2.0)
      rspec-support (~> 3.9.0)
    rspec-support (3.9.2)
    simplecov (0.18.5)
      docile (~> 1.1)
      simplecov-html (~> 0.11)
    simplecov-html (0.12.2)
    sorbet (0.5.5497)
      sorbet-static (= 0.5.5497)
    sorbet-runtime (0.5.5497)
    sorbet-static (0.5.5497-universal-darwin-14)
    webrobots (0.1.2)

PLATFORMS
  ruby

DEPENDENCIES
  html_truncator
  nokogiri
  rake
  rspec
  simplecov
  sorbet
  sorbet-runtime
  webrobots

BUNDLED WITH
   2.1.4
