GEM
  remote: https://rubygems.org/
  specs:
    ansi (1.5.0)
    ast (2.4.1)
    minitest (5.14.1)
    oga (3.2)
      ast
      ruby-ll (~> 2.1)
    ruby-ll (2.1.2)
      ansi
      ast

PLATFORMS
  ruby

DEPENDENCIES
  minitest
  oga (= 3.2)

RUBY VERSION
   ruby 2.7.1p83

BUNDLED WITH
   2.1.4
