PATH
  remote: .
  specs:
    web_lens (0.0.1)
      httpx
      nokogiri

GEM
  remote: https://rubygems.org/
  specs:
    debug (1.8.0)
      irb (>= 1.5.0)
      reline (>= 0.3.1)
    diff-lcs (1.5.0)
    http-2-next (0.5.1)
    httpx (0.24.3)
      http-2-next (>= 0.4.1)
    io-console (0.6.0)
    irb (1.7.4)
      reline (>= 0.3.6)
    nokogiri (1.15.3-x86_64-darwin)
      racc (~> 1.4)
    racc (1.7.1)
    reline (0.3.7)
      io-console (~> 0.5)
    rspec (3.12.0)
      rspec-core (~> 3.12.0)
      rspec-expectations (~> 3.12.0)
      rspec-mocks (~> 3.12.0)
    rspec-core (3.12.2)
      rspec-support (~> 3.12.0)
    rspec-expectations (3.12.3)
      diff-lcs (>= 1.2.0, < 2.0)
      rspec-support (~> 3.12.0)
    rspec-mocks (3.12.6)
      diff-lcs (>= 1.2.0, < 2.0)
      rspec-support (~> 3.12.0)
    rspec-support (3.12.1)

PLATFORMS
  x86_64-darwin-21

DEPENDENCIES
  debug
  nokogiri
  rspec
  web_lens!

BUNDLED WITH
   2.4.18
